GEM
  remote: http://rubygems.org/
  specs:
    coderay (1.0.9)
    coffee-script (2.2.0)
      coffee-script-source
      execjs
    coffee-script-source (1.5.0)
    execjs (1.4.0)
      multi_json (~> 1.0)
    ffi (1.4.0)
    guard (1.6.2)
      listen (>= 0.6.0)
      lumberjack (>= 1.0.2)
      pry (>= 0.9.10)
      terminal-table (>= 1.4.3)
      thor (>= 0.14.6)
    guard-coffeescript (1.2.1)
      coffee-script (>= 2.2.0)
      guard (>= 1.1.0)
    guard-sass (1.0.3)
      guard (>= 1.1.0)
      sass (>= 3.1)
    listen (0.7.3)
    lumberjack (1.0.2)
    method_source (0.8.1)
    multi_json (1.6.1)
    pry (0.9.12)
      coderay (~> 1.0.5)
      method_source (~> 0.8)
      slop (~> 3.4)
    rb-inotify (0.9.0)
      ffi (>= 0.5.0)
    sass (3.2.6)
    slop (3.4.3)
    terminal-table (1.4.5)
    thor (0.17.0)

PLATFORMS
  ruby

DEPENDENCIES
  guard
  guard-coffeescript
  guard-sass
  rb-inotify
